GEM
  remote: https://rubygems.org/
  specs:
    bond (0.5.1)
    coderay (1.1.3)
    data_uri (0.1.0)
    ffi (1.15.0)
    ffi-rzmq (2.0.7)
      ffi-rzmq-core (>= 1.0.7)
    ffi-rzmq-core (1.0.7)
      ffi
    iruby (0.5.0)
      bond (~> 0.5)
      data_uri (~> 0.1)
      ffi-rzmq
      mime-types (>= 3.3.1)
      multi_json (~> 1.11)
    method_source (1.0.0)
    mime-types (3.3.1)
      mime-types-data (~> 3.2015)
    mime-types-data (3.2021.0225)
    multi_json (1.15.0)
    pry (0.13.1)
      coderay (~> 1.1)
      method_source (~> 1.0)

PLATFORMS
  ruby

DEPENDENCIES
  ffi-rzmq
  iruby
  pry (~> 0.13.1)

BUNDLED WITH
   1.17.2
